GEM
  remote: https://rubygems.org/
  specs:
    terminal-table (1.8.0)
      unicode-display_width (~> 1.1, >= 1.1.1)
    trollop (2.1.2)
    unicode-display_width (1.2.1)

PLATFORMS
  ruby

DEPENDENCIES
  terminal-table (= 1.8.0)
  trollop (= 2.1.2)

RUBY VERSION
   ruby 2.4.0p0

BUNDLED WITH
   1.15.1
